GEM
  remote: https://rubygems.org/
  specs:
    byebug (11.1.3)
    coderay (1.1.3)
    maxmind-db (1.1.1)
    method_source (1.0.0)
    pry (0.14.2)
      coderay (~> 1.1)
      method_source (~> 1.0)
    pry-byebug (3.10.1)
      byebug (~> 11.0)
      pry (>= 0.13, < 0.15)

PLATFORMS
  x86_64-linux

DEPENDENCIES
  maxmind-db (~> 1.1, >= 1.1.1d)
  pry (~> 0.14.2)
  pry-byebug (~> 3.10, >= 3.10.1)

BUNDLED WITH
   2.4.10
